GEM
  remote: https://rubygems.org/
  specs:
    paint (2.3.0)

PLATFORMS
  ruby
  x86_64-linux

DEPENDENCIES
  paint

BUNDLED WITH
   2.5.11
